GIT
  remote: https://github.com/swarley/rapture.git
  revision: bc5063dd246bb6dc4cf3b4646b54b82d2ccc0307
  specs:
    rapture (0.1.0)
      faraday (~> 0.13)
      faraday_middleware (~> 0.13)
      faye-websocket
      mime-types (~> 3.2)
      oj (~> 3.3)

GEM
  remote: https://rubygems.org/
  specs:
    coderay (1.1.2)
    eventmachine (1.2.7)
    faraday (0.15.4)
      multipart-post (>= 1.2, < 3)
    faraday_middleware (0.13.1)
      faraday (>= 0.7.4, < 1.0)
    faye-websocket (0.10.9)
      eventmachine (>= 0.12.0)
      websocket-driver (>= 0.5.1)
    method_source (0.9.2)
    mime-types (3.2.2)
      mime-types-data (~> 3.2015)
    mime-types-data (3.2019.0331)
    multipart-post (2.1.1)
    oj (3.8.1)
    pry (0.12.2)
      coderay (~> 1.1.0)
      method_source (~> 0.9.0)
    sequel (5.23.0)
    sqlite3 (1.4.1)
    websocket-driver (0.7.1)
      websocket-extensions (>= 0.1.0)
    websocket-extensions (0.1.4)
    yard (0.9.20)

PLATFORMS
  ruby

DEPENDENCIES
  pry (~> 0.12.2)
  rapture!
  sequel (~> 5.23)
  sqlite3 (~> 1.4)
  yard

BUNDLED WITH
   2.0.2
